GEM
  remote: http://rubygems.org/
  specs:
    rack (1.4.1)

PLATFORMS
  ruby
  x86-mingw32

DEPENDENCIES
  rack
